GEM
  remote: https://rubygems.org/
  specs:
    activesupport (6.1.7.8)
      concurrent-ruby (~> 1.0, >= 1.0.2)
      i18n (>= 1.6, < 2)
      minitest (>= 5.1)
      tzinfo (~> 2.0)
      zeitwerk (~> 2.3)
    addressable (2.4.0)
    albino (1.3.3)
      posix-spawn (>= 0.3.6)
    classifier (1.4.4)
      fast-stemmer (~> 1.0)
      mutex_m (~> 0.2)
      rake
    concurrent-ruby (1.3.4)
    directory_watcher (1.5.1)
    fast-stemmer (1.0.2)
    gemoji (4.1.0)
    html-pipeline (2.14.3)
      activesupport (>= 2)
      nokogiri (>= 1.4)
    i18n (1.14.6)
      concurrent-ruby (~> 1.0)
    jekyll (0.11.0)
      albino (>= 1.3.2)
      classifier (>= 1.3.1)
      directory_watcher (>= 1.1.1)
      kramdown (>= 0.13.2)
      liquid (>= 1.9.0)
      maruku (>= 0.5.9)
    jekyll-paginate (1.1.0)
    jekyll-sitemap (0.11.0)
      addressable (~> 2.4.0)
    jemoji (0.0.8)
      gemoji
      html-pipeline
      jekyll
    kramdown (2.4.0)
      rexml
    liquid (5.3.0)
    maruku (0.7.3)
    minitest (5.25.1)
    mutex_m (0.2.0)
    nokogiri (1.13.10-arm64-darwin)
      racc (~> 1.4)
    nokogiri (1.13.10-x86_64-darwin)
      racc (~> 1.4)
    posix-spawn (0.3.15)
    racc (1.8.1)
    rake (13.2.1)
    rexml (3.3.8)
    tzinfo (2.0.6)
      concurrent-ruby (~> 1.0)
    zeitwerk (2.6.18)

PLATFORMS
  arm64-darwin-22
  x86_64-darwin-23

DEPENDENCIES
  jekyll
  jekyll-paginate
  jekyll-sitemap
  jemoji

BUNDLED WITH
   2.3.26
